NUGET
  remote: https://nuget.org/api/v2
  specs:
    FSharp.Charting (0.90.10)
    FSharp.Data (2.2.3)
      Zlib.Portable (>= 1.10.0)
    Suave (0.16.0)
    Zlib.Portable (1.11.0)
